NUGET
  remote: https://nuget.org/api/v2
  specs:
    dotNetRDF (1.0.6.3421)
      HtmlAgilityPack (>= 1.4.6)
      HtmlAgilityPack (>= 1.4.6) - net35
      HtmlAgilityPack (>= 1.4.6) - net40
      Newtonsoft.Json (>= 6.0.3)
      Newtonsoft.Json (>= 6.0.3) - net35
      Newtonsoft.Json (>= 6.0.3) - net40
      Newtonsoft.Json (>= 6.0.3) - portable-7.0
      VDS.Common (1.3.0)
      VDS.Common (1.3.0) - net35
      VDS.Common (1.3.0) - net40
      VDS.Common (1.3.0) - portable-7.0
    FakeItEasy (1.25.1)
    gitlink (2.0.0)
    HtmlAgilityPack (1.4.6)
    json-ld.net (1.0.3)
      Newtonsoft.Json (>= 4.0.1)
    Nancy (0.23.2)
    Newtonsoft.Json (6.0.6)
    NUnit (2.6.3)
    SpecFlow (1.9.0)
    StyleCop.MSBuild (4.7.49)
    StyleCopPlus.MSBuild (4.7.49.5)
      StyleCop.MSBuild (>= 4.7.49.0)
    VDS.Common (1.3.0)
    Zoltu.Versioning (1.1.29)
GITHUB
  remote: tpluscode/FileVersionExtractor
  specs:
    FULLPROJECT (eb7c707a63b534e8d03a5b19c148ff3e1b44bdec)