NUGET
  remote: https://nuget.org/api/v2
  specs:
    CsQuery (1.3.4)
    dotNetRDF (1.0.6.3421)
      HtmlAgilityPack (>= 1.4.6)
      Newtonsoft.Json (>= 6.0.3)
      VDS.Common (1.3.0)
    FakeItEasy (1.25.1)
    FluentAssertions (3.2.2)
    Fody (1.26.4)
    gitlink (2.0.0)
    HtmlAgilityPack (1.4.6)
    json-ld.net (1.0.3)
      Newtonsoft.Json (>= 4.0.1)
    Nancy (0.23.2)
    Nancy.Testing (0.23.2)
      CsQuery (>= 1.3.3)
      Nancy (>= 0.23.2)
    Newtonsoft.Json (6.0.6)
    NullGuard.Fody (1.2.0)
      Fody
    NUnit (2.6.3)
    SpecFlow (1.9.0)
    StyleCop.MSBuild (4.7.49)
    StyleCopPlus.MSBuild (4.7.49.5)
      StyleCop.MSBuild (>= 4.7.49.0)
    VDS.Common (1.3.0)
    Zoltu.Versioning (1.2.15.0)
  remote: https://ci.appveyor.com/nuget/jsonld-entities-aavhsnxi7xjp
  specs:
    JsonLd.Entities (0.1.9)
      dotNetRDF (>= 1.0.0)
      json-ld.net (>= 1.0)
GITHUB
  remote: tpluscode/FileVersionExtractor
  specs:
    FULLPROJECT (7abf9c4611434566e320cf5c8f2fc4830a2d088b)