NUGET
  remote: https://nuget.org/api/v2
  specs:
    dotNetRDF (1.0.7.3471)
      HtmlAgilityPack (>= 1.4.9)
      HtmlAgilityPack (>= 1.4.9) - net35
      HtmlAgilityPack (>= 1.4.9) - net40
      Newtonsoft.Json (>= 6.0.6)
      Newtonsoft.Json (>= 6.0.6) - net35
      Newtonsoft.Json (>= 6.0.6) - net40
      Newtonsoft.Json (>= 6.0.6) - portable-7.0
      VDS.Common (1.4.0)
      VDS.Common (1.4.0) - net35
      VDS.Common (1.4.0) - net40
      VDS.Common (1.4.0) - portable-7.0
    HtmlAgilityPack (1.4.6)
    json-ld.net (1.0.3)
      Newtonsoft.Json (>= 4.0.1)
    Nancy (0.23.2)
    Newtonsoft.Json (6.0.6)
    VDS.Common (1.4.0)
    Zoltu.Versioning (1.1.29)
